GIT
  remote: git://github.com/bensomers/improved-rack-throttle.git
  revision: ec67c2f127aa74eb5ce2bdc727499c50d783d1a9
  specs:
    improved-rack-throttle (0.7.0)
      rack (>= 1.0.0)

GIT
  remote: git://github.com/ctran/annotate_models.git
  revision: be4e26825b521f0b2d86b181e2dff89901aa9b1e
  specs:
    annotate (2.6.0.beta1)
      activerecord (>= 2.3.0)
      rake (>= 0.8.7)

GEM
  remote: http://rubygems.org/
  specs:
    activemodel (3.2.8)
      activesupport (= 3.2.8)
      builder (~> 3.0.0)
    activerecord (3.2.8)
      activemodel (= 3.2.8)
      activesupport (= 3.2.8)
      arel (~> 3.0.2)
      tzinfo (~> 0.3.29)
    activesupport (3.2.8)
      i18n (~> 0.6)
      multi_json (~> 1.0)
    arel (3.0.2)
    builder (3.0.3)
    delayed_job (3.0.3)
      activesupport (~> 3.0)
    delayed_job_active_record (0.3.3)
      activerecord (>= 2.1.0, < 4)
      delayed_job (~> 3.0)
    i18n (0.6.1)
    json (1.7.5)
    mime-types (1.19)
    multi_json (1.3.6)
    mysql2 (0.3.11)
    rack (1.4.1)
    rack-protection (1.2.0)
      rack
    rake (10.0.2)
    rest-client (1.6.7)
      mime-types (>= 1.16)
    sinatra (1.3.3)
      rack (~> 1.3, >= 1.3.6)
      rack-protection (~> 1.2)
      tilt (~> 1.3, >= 1.3.3)
    sinatra-activerecord (1.1.1)
      activerecord (~> 3.0)
      sinatra (~> 1.0)
    tilt (1.3.3)
    tzinfo (0.3.33)

PLATFORMS
  ruby

DEPENDENCIES
  activerecord
  activesupport
  annotate!
  delayed_job_active_record
  improved-rack-throttle!
  json
  mysql2
  rest-client
  sinatra
  sinatra-activerecord
